GEM
  remote: https://rubygems.org/
  specs:
    alfred-workflow (1.8.0)
      plist (>= 3.1.0)
    coveralls (0.7.0)
      multi_json (~> 1.3)
      rest-client
      simplecov (>= 0.7)
      term-ansicolor
      thor
    mime-types (1.25)
    minitest (5.0.8)
    multi_json (1.8.0)
    plist (3.1.0)
    rake (10.1.0)
    rest-client (1.6.7)
      mime-types (>= 1.16)
    simplecov (0.7.1)
      multi_json (~> 1.0)
      simplecov-html (~> 0.7.1)
    simplecov-html (0.7.1)
    term-ansicolor (1.2.2)
      tins (~> 0.8)
    thor (0.18.1)
    tins (0.10.0)

PLATFORMS
  ruby

DEPENDENCIES
  alfred-workflow (= 1.8.0)
  coveralls (= 0.7.0)
  minitest (= 5.0.8)
  plist (= 3.1.0)
  rake (= 10.1.0)
